GIT
  remote: git://github.com/thomasrogers03/thomas_utils.git
  revision: b3d50368ce9958ed9c8f8c83cfe8fe3f166ae223
  specs:
    thomas_utils (0.2.3)
      concurrent-ruby (~> 1.0.0)
      workers (~> 0.3)

PATH
  remote: .
  specs:
    tiered_caching (0.1.9)
      concurrent-ruby (>= 0.8.0, < 1.1)
      thomas_utils (~> 0.1)

GEM
  remote: https://rubygems.org/
  specs:
    coderay (1.1.1)
    concurrent-ruby (1.0.1)
    concurrent-ruby (1.0.1-java)
    connection_pool (2.2.0)
    diff-lcs (1.2.5)
    docile (1.1.5)
    faker (1.6.3)
      i18n (~> 0.5)
    ffi (1.9.10)
    ffi (1.9.10-java)
    formatador (0.2.5)
    guard (2.13.0)
      formatador (>= 0.2.4)
      listen (>= 2.7, <= 4.0)
      lumberjack (~> 1.0)
      nenv (~> 0.1)
      notiffany (~> 0.0)
      pry (>= 0.9.12)
      shellany (~> 0.0)
      thor (>= 0.18.1)
    guard-bundler (2.1.0)
      bundler (~> 1.0)
      guard (~> 2.2)
      guard-compat (~> 1.1)
    guard-compat (1.2.1)
    guard-rspec (4.6.5)
      guard (~> 2.1)
      guard-compat (~> 1.1)
      rspec (>= 2.99.0, < 4.0)
    i18n (0.7.0)
    json (1.8.3)
    json (1.8.3-java)
    listen (3.0.6)
      rb-fsevent (>= 0.9.3)
      rb-inotify (>= 0.9.7)
    lumberjack (1.0.10)
    method_source (0.8.2)
    nenv (0.3.0)
    notiffany (0.0.8)
      nenv (~> 0.1)
      shellany (~> 0.0)
    pry (0.10.3)
      coderay (~> 1.1.0)
      method_source (~> 0.8.1)
      slop (~> 3.4)
    pry (0.10.3-java)
      coderay (~> 1.1.0)
      method_source (~> 0.8.1)
      slop (~> 3.4)
      spoon (~> 0.0)
    rb-fsevent (0.9.7)
    rb-inotify (0.9.7)
      ffi (>= 0.5.0)
    rdoc (4.2.2)
      json (~> 1.4)
    rspec (3.1.0)
      rspec-core (~> 3.1.0)
      rspec-expectations (~> 3.1.0)
      rspec-mocks (~> 3.1.0)
    rspec-core (3.1.7)
      rspec-support (~> 3.1.0)
    rspec-expectations (3.1.2)
      diff-lcs (>= 1.2.0, < 2.0)
      rspec-support (~> 3.1.0)
    rspec-its (1.2.0)
      rspec-core (>= 3.0.0)
      rspec-expectations (>= 3.0.0)
    rspec-mocks (3.1.3)
      rspec-support (~> 3.1.0)
    rspec-support (3.1.2)
    shellany (0.0.1)
    simplecov (0.11.2)
      docile (~> 1.1.0)
      json (~> 1.8)
      simplecov-html (~> 0.10.0)
    simplecov-html (0.10.0)
    slop (3.6.0)
    spoon (0.0.4)
      ffi
    thor (0.19.1)
    timecop (0.8.1)
    workers (0.6.0)

PLATFORMS
  java
  ruby

DEPENDENCIES
  concurrent-ruby (>= 0.8.0, < 1.1.0)
  connection_pool
  faker
  guard
  guard-bundler
  guard-rspec
  pry
  rdoc
  rspec (~> 3.1.0)
  rspec-its
  simplecov
  thomas_utils (~> 0.1)!
  tiered_caching!
  timecop

BUNDLED WITH
   1.12.5
